GEM
  remote: https://rubygems.org/
  specs:
    chunky_png (1.3.5)
    parallel (1.6.2)

PLATFORMS
  ruby

DEPENDENCIES
  chunky_png
  parallel

BUNDLED WITH
   1.11.2
